GEM
  remote: https://rubygems.org/
  specs:
    activesupport (8.0.2.1)
      base64
      benchmark (>= 0.3)
      bigdecimal
      concurrent-ruby (~> 1.0, >= 1.3.1)
      connection_pool (>= 2.2.5)
      drb
      i18n (>= 1.6, < 2)
      logger (>= 1.4.2)
      minitest (>= 5.1)
      securerandom (>= 0.3)
      tzinfo (~> 2.0, >= 2.0.5)
      uri (>= 0.13.1)
    ansi (1.5.0)
    async (2.32.0)
      console (~> 1.29)
      fiber-annotation
      io-event (~> 1.11)
      metrics (~> 0.12)
      traces (~> 0.18)
    async-http (0.91.0)
      async (>= 2.10.2)
      async-pool (~> 0.11)
      io-endpoint (~> 0.14)
      io-stream (~> 0.6)
      metrics (~> 0.12)
      protocol-http (~> 0.49)
      protocol-http1 (~> 0.30)
      protocol-http2 (~> 0.22)
      traces (~> 0.10)
    async-pool (0.11.0)
      async (>= 2.0)
    async-redis (0.12.0)
      async (~> 2.10)
      async-pool (~> 0.2)
      io-endpoint (~> 0.10)
      io-stream (~> 0.4)
      protocol-redis (~> 0.11)
    awesome_print (1.9.2)
    base64 (0.3.0)
    benchmark (0.4.1)
    bigdecimal (3.2.3)
    breaker_machines (0.5.0)
      activesupport (>= 7.2)
      concurrent-ruby (~> 1.3)
      state_machines (>= 0.100.0)
      zeitwerk (~> 2.7)
    builder (3.3.0)
    colorize (1.1.0)
    concurrent-ruby (1.3.5)
    connection_pool (2.5.4)
    console (1.34.0)
      fiber-annotation
      fiber-local (~> 1.1)
      json
    curses (1.5.3)
    date (3.4.1)
    digest (3.2.0)
    drb (2.2.3)
    event_stream_parser (1.0.0)
    faraday (2.13.4)
      faraday-net_http (>= 2.0, < 3.5)
      json
      logger
    faraday-multipart (1.1.1)
      multipart-post (~> 2.0)
    faraday-net_http (3.4.1)
      net-http (>= 0.5.0)
    faraday-retry (2.3.2)
      faraday (~> 2.0)
    fiber-annotation (0.2.0)
    fiber-local (1.1.0)
      fiber-storage
    fiber-storage (1.0.1)
    fileutils (1.7.3)
    hashie (5.0.0)
    i18n (1.14.7)
      concurrent-ruby (~> 1.0)
    io-console (0.8.1)
    io-endpoint (0.15.2)
    io-event (1.14.0)
    io-stream (0.10.0)
    json (2.13.2)
    logger (1.7.0)
    lumberjack (1.4.2)
    marcel (1.0.4)
    metrics (0.15.0)
    minitest (5.25.5)
    minitest-reporters (1.7.1)
      ansi
      builder
      minitest (>= 5.0)
      ruby-progressbar
    multipart-post (2.4.1)
    net-http (0.6.0)
      uri
    optparse (0.6.0)
    pastel (0.8.0)
      tty-color (~> 0.5)
    protocol-hpack (1.5.1)
    protocol-http (0.53.0)
    protocol-http1 (0.35.1)
      protocol-http (~> 0.22)
    protocol-http2 (0.22.1)
      protocol-hpack (~> 1.4)
      protocol-http (~> 0.47)
    protocol-redis (0.12.0)
    rack (3.2.1)
    rake (13.3.0)
    readline (0.0.4)
      reline
    redis (5.4.1)
      redis-client (>= 0.22.0)
    redis-client (0.25.3)
      connection_pool
    reline (0.6.2)
      io-console (~> 0.5)
    ruby-progressbar (1.13.0)
    ruby_llm (1.7.1)
      base64
      event_stream_parser (~> 1)
      faraday (>= 1.10.0)
      faraday-multipart (>= 1)
      faraday-net_http (>= 1)
      faraday-retry (>= 1)
      marcel (~> 1.0)
      zeitwerk (~> 2)
    securerandom (0.4.1)
    set (1.1.2)
    smart_message (0.0.17)
      activesupport
      async
      async-redis
      breaker_machines
      colorize
      concurrent-ruby
      hashie
      lumberjack
      redis
      zeitwerk
    state_machines (0.100.2)
    strings (0.2.1)
      strings-ansi (~> 0.2)
      unicode-display_width (>= 1.5, < 3.0)
      unicode_utils (~> 1.4)
    strings-ansi (0.2.0)
    time (0.4.1)
      date
    traces (0.18.2)
    tty-box (0.7.0)
      pastel (~> 0.8)
      strings (~> 0.2.0)
      tty-cursor (~> 0.7)
    tty-color (0.6.0)
    tty-cursor (0.7.1)
    tty-prompt (0.23.1)
      pastel (~> 0.8)
      tty-reader (~> 0.8)
    tty-reader (0.9.0)
      tty-cursor (~> 0.7)
      tty-screen (~> 0.8)
      wisper (~> 2.0)
    tty-screen (0.8.2)
    tty-spinner (0.9.3)
      tty-cursor (~> 0.7)
    tzinfo (2.0.6)
      concurrent-ruby (~> 1.0)
    unicode-display_width (2.6.0)
    unicode_utils (1.4.0)
    uri (1.0.3)
    vsm (0.1.0)
      async (~> 2.27)
      async-http (~> 0.90)
      rack (~> 3.2)
    wisper (2.0.1)
    yaml (0.4.0)
    zeitwerk (2.7.3)

PLATFORMS
  arm64-darwin-24
  ruby

DEPENDENCIES
  async
  awesome_print
  bundler
  colorize
  curses
  digest
  fileutils
  io-console
  json
  minitest
  minitest-reporters
  optparse
  rake
  readline
  redis
  ruby_llm
  securerandom
  set
  smart_message
  time
  tty-box
  tty-cursor
  tty-prompt
  tty-screen
  tty-spinner
  vsm
  yaml

RUBY VERSION
   ruby 3.4.5p51

BUNDLED WITH
   2.7.2
